PATH
  remote: /Users/wolfgang/Desktop/wolfstudy/bloc/bloc_record
  specs:
    bloc_record (0.0.0)
      activesupport
      pg (~> 1.0)
      sqlite3 (~> 1.3)

GEM
  remote: https://rubygems.org/
  specs:
    activesupport (5.1.5)
      concurrent-ruby (~> 1.0, >= 1.0.2)
      i18n (~> 0.7)
      minitest (~> 5.1)
      tzinfo (~> 1.1)
    concurrent-ruby (1.0.5)
    i18n (0.9.5)
      concurrent-ruby (~> 1.0)
    minitest (5.11.3)
    pg (1.0.0)
    sqlite3 (1.3.13)
    thread_safe (0.3.6)
    tzinfo (1.2.5)
      thread_safe (~> 0.1)

PLATFORMS
  ruby

DEPENDENCIES
  bloc_record!

BUNDLED WITH
   1.16.0.pre.3
